GIT
  remote: https://github.com/elliottkember/amp.git
  revision: fe4b91828c99ec172b667f7638b6eb617d500c04
  specs:
    amp (0.11)

GEM
  remote: https://rubygems.org/
  specs:
    activesupport (3.2.22)
      i18n (~> 0.6, >= 0.6.4)
      multi_json (~> 1.0)
    addressable (2.3.8)
    autoprefixer-rails (7.2.6)
      execjs
    bourbon (4.2.4)
      sass (~> 3.4)
      thor (~> 0.19)
    coderay (1.1.1)
    coffee-script (2.2.0)
      coffee-script-source
      execjs
    coffee-script-source (1.9.1.1)
    contentful (0.5.0)
      http (~> 0.6)
      multi_json (~> 1)
    domain_name (0.5.25)
      unf (>= 0.0.5, < 1.0.0)
    eco (1.0.0)
      coffee-script
      eco-source
      execjs
    eco-source (1.1.0.rc.1)
    ejs (1.1.1)
    execjs (2.0.2)
    haml (4.0.7)
      tilt
    http (0.9.8)
      addressable (~> 2.3)
      http-cookie (~> 1.0)
      http-form_data (~> 1.0.1)
      http_parser.rb (~> 0.6.0)
    http-cookie (1.0.2)
      domain_name (~> 0.5)
    http-form_data (1.0.1)
    http_parser.rb (0.6.0)
    i18n (0.7.0)
    json (2.5.1)
    json_pure (1.8.2)
    jsx (0.0.1)
      execjs
      react-source (~> 0.13)
      tilt
    kramdown (1.3.1)
    metaclass (0.0.4)
    method_source (0.8.2)
    mocha (0.14.0)
      metaclass (~> 0.0.1)
    multi_json (1.11.2)
    neat (1.7.0)
      bourbon (>= 4.0)
      sass (>= 3.3)
    parallel (1.6.1)
    plist (3.1.0)
    pry (0.10.3)
      coderay (~> 1.1.0)
      method_source (~> 0.8.1)
      slop (~> 3.4)
    rake (10.4.2)
    react-source (0.13.3)
    sass (3.4.17)
    shoulda (3.5.0)
      shoulda-context (~> 1.0, >= 1.0.1)
      shoulda-matchers (>= 1.4.1, < 3.0)
    shoulda-context (1.2.1)
    shoulda-matchers (2.0.0)
      activesupport (>= 3.0.0)
    slim (3.0.6)
      temple (~> 0.7.3)
      tilt (>= 1.3.3, < 2.1)
    slop (3.6.0)
    temple (0.7.6)
    test-unit (2.5.5)
    thor (0.19.1)
    tilt (2.0.1)
    uglifier (2.7.2)
      execjs (>= 0.3.0)
      json (>= 1.8.0)
    unf (0.1.4)
      unf_ext
    unf_ext (0.0.7.1)

PLATFORMS
  ruby

DEPENDENCIES
  activesupport (< 4.0.0)
  amp!
  autoprefixer-rails (~> 7.2)
  bourbon
  bundler
  coffee-script (~> 2.2.0)
  contentful
  eco
  ejs
  execjs (= 2.0.2)
  haml
  json_pure (~> 1.8.0)
  jsx
  kramdown (= 1.3.1)
  mocha (= 0.14.0)
  neat (= 1.7.0)
  parallel
  plist
  pry
  rake
  react-source
  sass
  shoulda
  shoulda-matchers (< 2.1.0)
  slim
  test-unit
  uglifier (= 2.7.2)

BUNDLED WITH
   1.17.3
